GEM
  remote: https://rubygems.org/
  specs:
    beefcake (0.5.0)
    ffi (1.9.3)
    ffi-rzmq (2.0.1)
      ffi-rzmq-core (>= 1.0.1)
    ffi-rzmq-core (1.0.2)
      ffi (~> 1.9)
    file-tail (1.0.12)
      tins (~> 0.5)
    ipaddress (0.8.0)
    kurchatov (0.2.5)
      beefcake (>= 0.3.5)
      ohai (~> 6.20.0)
    mixlib-cli (1.5.0)
    mixlib-config (2.1.0)
    mixlib-log (1.6.0)
    mixlib-shellout (1.4.0)
    net-ntp (2.1.1)
    net-ping (1.7.1)
      ffi (>= 1.0.0)
    ohai (6.20.0)
      ipaddress
      mixlib-cli
      mixlib-config
      mixlib-log
      mixlib-shellout
      systemu (~> 2.5.2)
      yajl-ruby
    sys-filesystem (1.1.1)
      ffi
    sys-proctable (0.9.3)
    systemu (2.5.2)
    tins (0.13.1)
    yajl-ruby (1.2.1)

PLATFORMS
  ruby

DEPENDENCIES
  ffi-rzmq
  file-tail
  kurchatov (= 0.2.5)
  net-ntp
  net-ping
  sys-filesystem
  sys-proctable
